GEM
  specs:
    ast (1.1.0)
    parser (2.0.0.pre8)
      ast (~> 1.1)
      slop (~> 3.4, >= 3.4.5)
    slop (3.4.6)

PLATFORMS
  ruby

DEPENDENCIES
  parser (~> 2.0.0.pre8)
