PATH
  remote: .
  specs:
    grep_ruby_token (0.0.1)
      parser (~> 2.0.0.pre8)

GEM
  remote: https://rubygems.org/
  specs:
    ast (1.1.0)
    parser (2.0.0.pre8)
      ast (~> 1.1)
      slop (~> 3.4, >= 3.4.5)
    rake (10.1.0)
    slop (3.4.6)

PLATFORMS
  ruby

DEPENDENCIES
  bundler (~> 1.3)
  grep_ruby_token!
  rake
