PATH
  remote: .
  specs:
    grep_ruby_token (0.0.1)
      parser (~> 2.5)

GEM
  remote: https://rubygems.org/
  specs:
    ast (2.4.0)
    minitest (5.11.3)
    parser (2.5.1.0)
      ast (~> 2.4.0)
    rake (12.3.1)

PLATFORMS
  ruby

DEPENDENCIES
  bundler (~> 1.3)
  grep_ruby_token!
  minitest
  rake

BUNDLED WITH
   1.16.1
